GEM
  remote: http://rubygems.org/
  specs:
    nokogiri (1.5.6)
    rake (10.0.3)

PLATFORMS
  ruby

DEPENDENCIES
  nokogiri
  rake
